GIT
  remote: https://gitlab.com/fdroid/jekyll-fdroid.git
  revision: b3c194225da8fe7ad087d459cd5a4b859661c13c
  branch: master
  specs:
    jekyll-fdroid (1.1.4)
      jekyll-include-cache
      jekyll-paginate-v2 (<= 1.7.3)
      json (>= 1.8.5)
      loofah
      rubyzip
      therubyracer (~> 0.12)

GEM
  remote: https://rubygems.org/
  specs:
    addressable (2.5.2)
      public_suffix (>= 2.0.2, < 4.0)
    colorator (1.1.0)
    crass (1.0.4)
    ffi (1.9.24)
    forwardable-extended (2.6.0)
    git (1.3.0)
    jekyll (3.4.3)
      addressable (~> 2.4)
      colorator (~> 1.0)
      jekyll-sass-converter (~> 1.0)
      jekyll-watch (~> 1.1)
      kramdown (~> 1.3)
      liquid (~> 3.0)
      mercenary (~> 0.3.3)
      pathutil (~> 0.9)
      rouge (~> 1.7)
      safe_yaml (~> 1.0)
    jekyll-include-cache (0.1.0)
      jekyll (~> 3.3)
    jekyll-paginate-v2 (1.7.3)
      jekyll (~> 3.0)
    jekyll-polyglot (1.3.1)
      jekyll (>= 3.0)
    jekyll-redirect-from (0.12.1)
      jekyll (~> 3.3)
    jekyll-sass-converter (1.5.2)
      sass (~> 3.4)
    jekyll-watch (1.5.0)
      listen (~> 3.0, < 3.1)
    json (2.1.0)
    kramdown (1.13.2)
    libv8 (3.16.14.19)
    liquid (3.0.6)
    listen (3.0.8)
      rb-fsevent (~> 0.9, >= 0.9.4)
      rb-inotify (~> 0.9, >= 0.9.7)
    loofah (2.2.3)
      crass (~> 1.0.2)
      nokogiri (>= 1.5.9)
    mercenary (0.3.6)
    mini_portile2 (2.4.0)
    nokogiri (1.10.8)
      mini_portile2 (~> 2.4.0)
    pathutil (0.14.0)
      forwardable-extended (~> 2.6)
    public_suffix (2.0.5)
    rb-fsevent (0.9.8)
    rb-inotify (0.9.8)
      ffi (>= 0.5.0)
    ref (2.0.0)
    rouge (1.11.1)
    rubyzip (1.2.2)
    safe_yaml (1.0.4)
    sass (3.4.23)
    therubyracer (0.12.3)
      libv8 (~> 3.16.14.15)
      ref

PLATFORMS
  ruby

DEPENDENCIES
  git
  jekyll
  jekyll-fdroid!
  jekyll-paginate-v2 (<= 1.7.3)
  jekyll-polyglot
  jekyll-redirect-from

BUNDLED WITH
   1.16.2
