GIT
  remote: https://gitlab.com/fdroid/jekyll-fdroid.git
  revision: 920a12bd5dc8206ad9fb3b8c7e437ed4e1deaa66
  branch: master
  specs:
    jekyll-fdroid (1.1.5)
      jekyll-include-cache
      jekyll-paginate-v2 (<= 1.7.3)
      json (>= 1.8.5)
      loofah
      rubyzip
      therubyracer (~> 0.12)

GEM
  remote: https://rubygems.org/
  specs:
    addressable (2.7.0)
      public_suffix (>= 2.0.2, < 5.0)
    colorator (1.1.0)
    crass (1.0.4)
    ffi (1.12.2)
    forwardable-extended (2.6.0)
    git (1.3.0)
    jekyll (3.6.3)
      addressable (~> 2.4)
      colorator (~> 1.0)
      jekyll-sass-converter (~> 1.0)
      jekyll-watch (~> 1.1)
      kramdown (~> 1.14)
      liquid (~> 4.0)
      mercenary (~> 0.3.3)
      pathutil (~> 0.9)
      rouge (>= 1.7, < 3)
      safe_yaml (~> 1.0)
    jekyll-include-cache (0.1.0)
      jekyll (~> 3.3)
    jekyll-paginate-v2 (1.7.3)
      jekyll (~> 3.0)
    jekyll-polyglot (1.3.1)
      jekyll (>= 3.0)
    jekyll-redirect-from (0.12.1)
      jekyll (~> 3.3)
    jekyll-sass-converter (1.5.2)
      sass (~> 3.4)
    jekyll-watch (1.5.1)
      listen (~> 3.0)
    json (2.1.0)
    kramdown (1.17.0)
    libv8 (3.16.14.19)
    liquid (4.0.3)
    listen (3.2.1)
      rb-fsevent (~> 0.10, >= 0.10.3)
      rb-inotify (~> 0.9, >= 0.9.10)
    loofah (2.2.3)
      crass (~> 1.0.2)
      nokogiri (>= 1.5.9)
    mercenary (0.3.6)
    mini_portile2 (2.3.0)
    nokogiri (1.8.5)
      mini_portile2 (~> 2.3.0)
    pathutil (0.16.2)
      forwardable-extended (~> 2.6)
    public_suffix (4.0.3)
    rb-fsevent (0.10.3)
    rb-inotify (0.10.1)
      ffi (~> 1.0)
    ref (2.0.0)
    rouge (2.2.1)
    rubyzip (1.2.2)
    safe_yaml (1.0.5)
    sass (3.7.4)
      sass-listen (~> 4.0.0)
    sass-listen (4.0.0)
      rb-fsevent (~> 0.9, >= 0.9.4)
      rb-inotify (~> 0.9, >= 0.9.7)
    therubyracer (0.12.3)
      libv8 (~> 3.16.14.15)
      ref

PLATFORMS
  ruby

DEPENDENCIES
  git
  jekyll
  jekyll-fdroid!
  jekyll-paginate-v2 (<= 1.7.3)
  jekyll-polyglot
  jekyll-redirect-from

BUNDLED WITH
   1.16.2
