GIT
  remote: https://gitlab.com/fdroid/jekyll-fdroid.git
  revision: 920a12bd5dc8206ad9fb3b8c7e437ed4e1deaa66
  branch: master
  specs:
    jekyll-fdroid (1.1.5)
      jekyll-include-cache
      jekyll-paginate-v2
      json (>= 1.8.5)
      loofah
      rubyzip

GEM
  remote: https://rubygems.org/
  specs:
    addressable (2.5.2)
      public_suffix (>= 2.0.2, < 4.0)
    colorator (1.1.0)
    crass (1.0.2)
    em-websocket (0.5.1)
      eventmachine (>= 0.12.9)
      http_parser.rb (~> 0.6.0)
    eventmachine (1.0.7)
    forwardable-extended (2.6.0)
    git (1.6.0)
    http_parser.rb (0.6.0)
    jekyll (3.8.3)
      addressable (~> 2.4)
      colorator (~> 1.0)
      em-websocket (~> 0.5)
      jekyll-sass-converter (~> 1.0)
      jekyll-watch (~> 2.0)
      kramdown (~> 1.14)
      liquid (~> 4.0)
      mercenary (~> 0.3.3)
      pathutil (~> 0.9)
      rouge (>= 1.7, < 4)
      safe_yaml (~> 1.0)
    jekyll-include-cache (0.2.0)
      jekyll (>= 3.7, < 5.0)
    jekyll-paginate-v2 (3.0.0)
      jekyll (~> 3.0)
    jekyll-redirect-from (0.16.0)
      jekyll (>= 3.3, < 5.0)
    jekyll-sass-converter (1.5.2)
      sass (~> 3.4)
    jekyll-watch (2.0.0)
      listen (~> 3.0)
    json (2.1.0)
    kramdown (1.17.0)
    liquid (4.0.1)
    listen (3.1.5)
    loofah (2.4.0)
      crass (~> 1.0.2)
      nokogiri (>= 1.5.9)
    mercenary (0.3.6)
    nokogiri (1.10.7)
    pathutil (0.16.1)
      forwardable-extended (~> 2.6)
    public_suffix (3.0.3)
    rouge (3.14.0)
    rubyzip (1.2.2)
    safe_yaml (1.0.4)
    sass (3.5.6)

PLATFORMS
  ruby

DEPENDENCIES
  git
  jekyll
  jekyll-fdroid!
  jekyll-paginate-v2
  jekyll-polyglot
  jekyll-redirect-from

BUNDLED WITH
   1.17.3
